GEM
  remote: https://rubygems.org/
  specs:
    rack (3.1.8)
    rulers (0.0.2)
      rack (~> 3.1)
      webrick (~> 1.0)
    webrick (1.9.1)

PLATFORMS
  ruby
  x86_64-darwin-23

DEPENDENCIES
  rulers

BUNDLED WITH
   2.6.2
