GEM
  remote: https://rubygems.org/
  specs:
    rack (2.2.10)
    rulers (0.0.1)
      rack (~> 2.2)
      webrick
    webrick (1.9.1)

PLATFORMS
  ruby
  x86_64-darwin-23

DEPENDENCIES
  rulers

BUNDLED WITH
   2.6.2
